GEM
  remote: https://rubygems.org/
  specs:
    activemodel (4.1.1)
      activesupport (= 4.1.1)
      builder (~> 3.1)
    activerecord (4.1.1)
      activemodel (= 4.1.1)
      activesupport (= 4.1.1)
      arel (~> 5.0.0)
    activesupport (4.1.1)
      i18n (~> 0.6, >= 0.6.9)
      json (~> 1.7, >= 1.7.7)
      minitest (~> 5.1)
      thread_safe (~> 0.1)
      tzinfo (~> 1.1)
    addressable (2.3.6)
    arel (5.0.1.20140414130214)
    attr_encrypted (1.3.2)
      encryptor (>= 1.3.0)
    bond (0.5.1)
    builder (3.2.2)
    celluloid (0.15.2)
      timers (~> 1.1.0)
    chunky_png (1.3.1)
    coderay (1.1.0)
    compass (0.12.6)
      chunky_png (~> 1.2)
      fssm (>= 0.2.7)
      sass (~> 3.2.19)
    connection_pool (2.0.0)
    encryptor (1.3.0)
    faraday (0.9.0)
      multipart-post (>= 1.2, < 3)
    fssm (0.2.10)
    i18n (0.6.9)
    json (1.8.1)
    method_source (0.8.2)
    mime-types (2.3)
    minitest (5.3.4)
    multipart-post (2.0.0)
    octokit (2.7.2)
      sawyer (~> 0.5.2)
    pg (0.17.0)
    pry (0.9.12.6)
      coderay (~> 1.0)
      method_source (~> 0.8)
      slop (~> 3.4)
    pry-remote (0.1.8)
      pry (~> 0.9)
      slop (~> 3.0)
    rack (1.5.2)
    rack-protection (1.5.3)
      rack
    rack-test (0.6.2)
      rack (>= 1.0)
    rake (10.3.2)
    redis (3.0.7)
    redis-namespace (1.4.1)
      redis (~> 3.0.4)
    rest-client (1.6.7)
      mime-types (>= 1.16)
    ripl (0.7.1)
      bond (~> 0.5.1)
    ripl-multi_line (0.3.1)
      ripl (>= 0.3.6)
    ripl-rack (0.2.1)
      rack (>= 1.0)
      rack-test (~> 0.6.2)
      ripl (>= 0.7.0)
    sass (3.2.19)
    sawyer (0.5.4)
      addressable (~> 2.3.5)
      faraday (~> 0.8, < 0.10)
    shotgun (0.9)
      rack (>= 1.0)
    sidekiq (3.1.0)
      celluloid (>= 0.15.2)
      connection_pool (>= 2.0.0)
      json
      redis (>= 3.0.6)
      redis-namespace (>= 1.3.1)
    sinatra (1.4.5)
      rack (~> 1.4)
      rack-protection (~> 1.4)
      tilt (~> 1.3, >= 1.3.4)
    sinatra-activerecord (2.0.2)
      activerecord (>= 3.2)
      sinatra (~> 1.0)
    sinatra-flash (0.3.0)
      sinatra (>= 1.0.0)
    slop (3.5.0)
    sqlite3 (1.3.9)
    thread_safe (0.3.3)
    tilt (1.4.1)
    timers (1.1.0)
    tux (0.3.0)
      ripl (>= 0.3.5)
      ripl-multi_line (>= 0.2.4)
      ripl-rack (>= 0.2.0)
      sinatra (>= 1.2.1)
    tzinfo (1.1.0)
      thread_safe (~> 0.1)

PLATFORMS
  ruby

DEPENDENCIES
  activerecord
  attr_encrypted
  compass
  json
  octokit (~> 2.0)
  pg (= 0.17.0)
  pry
  pry-remote
  rake
  redis
  rest-client
  shotgun
  sidekiq
  sinatra
  sinatra-activerecord
  sinatra-flash
  sqlite3
  tux
